PATH
  remote: .
  specs:
    roger_url_relativizer (1.0.0)
      hpricot (= 0.8.6)
      roger (>= 1.8.0)

PATH
  remote: /Users/flurin/Projects/roger/roger
  specs:
    roger (1.8.0)
      mime-types (~> 3.1)
      rack (>= 2.0.0)
      redcarpet (>= 3.1.1)
      test_construct (~> 2.0)
      thor (~> 0.19.0)
      tilt (~> 2.0.1)

GEM
  remote: https://rubygems.org/
  specs:
    hpricot (0.8.6)
    mime-types (3.2.2)
      mime-types-data (~> 3.2015)
    mime-types-data (3.2018.0812)
    power_assert (1.1.1)
    rack (2.0.5)
    rake (12.3.1)
    redcarpet (3.4.0)
    test-unit (3.0.9)
      power_assert
    test_construct (2.0.1)
    thor (0.19.4)
    tilt (2.0.8)

PLATFORMS
  ruby

DEPENDENCIES
  rake
  roger!
  roger_url_relativizer!
  test-unit (~> 3.0.0)

BUNDLED WITH
   1.16.3
